PATH
  remote: .
  specs:
    storm_trooper (0.1.0)
      git (~> 1.7)
      thor (~> 1.0)

GEM
  remote: https://rubygems.org/
  specs:
    codecov (0.1.16)
      json
      simplecov
      url
    diff-lcs (1.4.2)
    docile (1.3.2)
    git (1.7.0)
      rchardet (~> 1.8)
    json (2.3.0)
    minitest (5.14.1)
    rake (12.3.3)
    rchardet (1.8.0)
    rspec (3.9.0)
      rspec-core (~> 3.9.0)
      rspec-expectations (~> 3.9.0)
      rspec-mocks (~> 3.9.0)
    rspec-core (3.9.2)
      rspec-support (~> 3.9.3)
    rspec-expectations (3.9.2)
      diff-lcs (>= 1.2.0, < 2.0)
      rspec-support (~> 3.9.0)
    rspec-mocks (3.9.1)
      diff-lcs (>= 1.2.0, < 2.0)
      rspec-support (~> 3.9.0)
    rspec-support (3.9.3)
    simplecov (0.18.5)
      docile (~> 1.1)
      simplecov-html (~> 0.11)
    simplecov-html (0.12.2)
    thor (1.0.1)
    url (0.3.2)

PLATFORMS
  ruby

DEPENDENCIES
  codecov
  minitest (~> 5.0)
  rake (~> 12.0)
  rspec (~> 3.0)
  simplecov
  storm_trooper!

BUNDLED WITH
   2.1.4
